GEM
  remote: https://rubygems.org/
  specs:
    activemodel (5.0.2)
      activesupport (= 5.0.2)
    activerecord (5.0.2)
      activemodel (= 5.0.2)
      activesupport (= 5.0.2)
      arel (~> 7.0)
    activesupport (5.0.2)
      concurrent-ruby (~> 1.0, >= 1.0.2)
      i18n (~> 0.7)
      minitest (~> 5.1)
      tzinfo (~> 1.1)
    arel (7.1.4)
    concurrent-ruby (1.0.5)
    daemons (1.2.4)
    diff-lcs (1.3)
    enumerable-lazy (0.0.2)
    eventmachine (1.2.3)
    i18n (0.8.1)
    mail (2.6.4)
      mime-types (>= 1.16, < 4)
    mime-types (2.99.3)
    minitest (5.10.1)
    moneta (0.8.1)
    mustermann19 (0.4.4)
      enumerable-lazy
    padrino (0.14.0)
      padrino-admin (= 0.14.0)
      padrino-cache (= 0.14.0)
      padrino-core (= 0.14.0)
      padrino-gen (= 0.14.0)
      padrino-helpers (= 0.14.0)
      padrino-mailer (= 0.14.0)
      padrino-support (= 0.14.0)
    padrino-admin (0.14.0)
      padrino-core (= 0.14.0)
      padrino-helpers (= 0.14.0)
    padrino-cache (0.14.0)
      moneta (~> 0.8.0)
      padrino-core (= 0.14.0)
      padrino-helpers (= 0.14.0)
    padrino-core (0.14.0)
      mustermann19
      padrino-support (= 0.14.0)
      rack-protection (>= 1.5.0)
      sinatra (>= 1.4.6)
      thor (~> 0.18)
    padrino-gen (0.14.0)
      bundler (~> 1.0)
      padrino-core (= 0.14.0)
    padrino-helpers (0.14.0)
      i18n (~> 0.6, >= 0.6.7)
      padrino-support (= 0.14.0)
      tilt (>= 1.4.1, < 3)
    padrino-mailer (0.14.0)
      mail (~> 2.5)
      mime-types (< 3)
      padrino-core (= 0.14.0)
    padrino-support (0.14.0)
    rack (1.6.5)
    rack-protection (1.5.3)
      rack
    rack-test (0.6.3)
      rack (>= 1.0)
    rake (12.0.0)
    rspec (3.5.0)
      rspec-core (~> 3.5.0)
      rspec-expectations (~> 3.5.0)
      rspec-mocks (~> 3.5.0)
    rspec-core (3.5.4)
      rspec-support (~> 3.5.0)
    rspec-expectations (3.5.0)
      diff-lcs (>= 1.2.0, < 2.0)
      rspec-support (~> 3.5.0)
    rspec-mocks (3.5.0)
      diff-lcs (>= 1.2.0, < 2.0)
      rspec-support (~> 3.5.0)
    rspec-support (3.5.0)
    sass (3.4.23)
    sinatra (1.4.8)
      rack (~> 1.5)
      rack-protection (~> 1.4)
      tilt (>= 1.3, < 3)
    slim (3.0.7)
      temple (~> 0.7.6)
      tilt (>= 1.3.3, < 2.1)
    sqlite3 (1.3.13)
    temple (0.7.7)
    thin (1.7.0)
      daemons (~> 1.0, >= 1.0.9)
      eventmachine (~> 1.0, >= 1.0.4)
      rack (>= 1, < 3)
    thor (0.19.4)
    thread_safe (0.3.6)
    tilt (2.0.7)
    tzinfo (1.2.2)
      thread_safe (~> 0.1)

PLATFORMS
  ruby

DEPENDENCIES
  activerecord (>= 3.1)
  padrino (= 0.14.0)
  rack-test
  rake
  rspec
  sass
  slim
  sqlite3
  thin

BUNDLED WITH
   1.14.6
